GEM
  remote: https://rubygems.org/
  specs:
    rake (10.1.1)
    sugarcube (1.3.5)

PLATFORMS
  ruby

DEPENDENCIES
  rake
  sugarcube
